GEM
  remote: https://rubygems.org/
  specs:
    nio4r (2.5.8)
    puma (5.6.4)
      nio4r (~> 2.0)
    rack (2.2.4)
    rack-rewrite (1.5.1)

PLATFORMS
  x86_64-darwin-20

DEPENDENCIES
  puma
  rack
  rack-rewrite

BUNDLED WITH
   2.3.17
